GEM
  remote: https://rubygems.org/
  specs:
    cpf_cnpj (0.5.0)
    cpf_utils (1.3.1)

PLATFORMS
  x86_64-linux

DEPENDENCIES
  cpf_cnpj (~> 0.5.0)
  cpf_utils (~> 1.3, >= 1.3.1)

BUNDLED WITH
   2.4.22
